GEM
  remote: https://rubygems.org/
  specs:
    curb (0.8.8)
    kgio (2.9.3)
    puma (2.11.2)
      rack (>= 1.1, < 2.0)
    rack (1.6.0)
    raindrops (0.13.0)
    unicorn (4.9.0)
      kgio (~> 2.6)
      rack
      raindrops (~> 0.7)

PLATFORMS
  ruby

DEPENDENCIES
  curb (~> 0.8.6)
  puma
  unicorn
